GEM
  remote: https://rubygems.org/
  specs:
    cloud_events (0.5.1)
    functions_framework (0.11.0)
      cloud_events (>= 0.5.1, < 2.a)
      puma (>= 4.3.0, < 6.a)
      rack (~> 2.1)
    jwt (2.7.0)
    nio4r (2.5.8)
    puma (5.6.5)
      nio4r (~> 2.0)
    rack (2.2.3)

PLATFORMS
  ruby

DEPENDENCIES
  functions_framework (~> 0.11)
  jwt

BUNDLED WITH
   2.2.21
